GEM
  remote: https://rubygems.org/
  specs:
    concurrent-ruby (1.2.2)
    mime-types (3.4.1)
      mime-types-data (~> 3.2015)
    mime-types-data (3.2023.0218.1)
    nokogiri (1.14.2-x86_64-linux)
      racc (~> 1.4)
    puppeteer-ruby (0.45.3)
      concurrent-ruby (>= 1.1, < 1.3)
      mime-types (>= 3.0)
      websocket-driver (>= 0.6.0)
    racc (1.6.2)
    rexml (3.2.5)
    rubyzip (2.3.2)
    selenium-webdriver (4.8.1)
      rexml (~> 3.2, >= 3.2.5)
      rubyzip (>= 1.2.2, < 3.0)
      websocket (~> 1.0)
    webdrivers (5.2.0)
      nokogiri (~> 1.6)
      rubyzip (>= 1.3.0)
      selenium-webdriver (~> 4.0)
    websocket (1.2.9)
    websocket-driver (0.7.5)
      websocket-extensions (>= 0.1.0)
    websocket-extensions (0.1.5)

PLATFORMS
  x86_64-linux

DEPENDENCIES
  puppeteer-ruby
  webdrivers (~> 5.0)

BUNDLED WITH
   2.4.5
